GEM
  remote: https://rubygems.org/
  specs:
    docile (1.3.0)
    json (2.1.0)
    simplecov (0.16.1)
      docile (~> 1.1)
      json (>= 1.8, < 3)
      simplecov-html (~> 0.10.0)
    simplecov-html (0.10.2)
    timecop (0.9.1)

PLATFORMS
  ruby

DEPENDENCIES
  simplecov
  timecop

BUNDLED WITH
   1.16.1
