GEM
  remote: https://rubygems.org/
  specs:
    ast (2.4.0)
    docile (1.3.0)
    json (2.1.0)
    parallel (1.12.1)
    parser (2.5.0.5)
      ast (~> 2.4.0)
    powerpack (0.1.1)
    rainbow (3.0.0)
    rubocop (0.54.0)
      parallel (~> 1.10)
      parser (>= 2.5)
      powerpack (~> 0.1)
      rainbow (>= 2.2.2, < 4.0)
      ruby-progressbar (~> 1.7)
      unicode-display_width (~> 1.0, >= 1.0.1)
    ruby-progressbar (1.9.0)
    simplecov (0.16.1)
      docile (~> 1.1)
      json (>= 1.8, < 3)
      simplecov-html (~> 0.10.0)
    simplecov-html (0.10.2)
    timecop (0.9.1)
    unicode-display_width (1.3.0)

PLATFORMS
  ruby

DEPENDENCIES
  rubocop (~> 0.54.0)
  simplecov
  timecop

BUNDLED WITH
   1.16.1
